PATH
  remote: .
  specs:
    protobuf (1.0.1)
      eventmachine (~> 0.12.10)
      json_pure

GEM
  remote: http://rubygems.org/
  specs:
    diff-lcs (1.1.3)
    eventmachine (0.12.10)
    eventmachine (0.12.10-java)
    json_pure (1.6.3)
    rake (0.8.7)
    rspec (2.7.0)
      rspec-core (~> 2.7.0)
      rspec-expectations (~> 2.7.0)
      rspec-mocks (~> 2.7.0)
    rspec-core (2.7.1)
    rspec-expectations (2.7.0)
      diff-lcs (~> 1.1.2)
    rspec-mocks (2.7.0)

PLATFORMS
  java
  ruby

DEPENDENCIES
  protobuf!
  rake (~> 0.8.7)
  rspec (~> 2.7.0)
