PATH
  remote: .
  specs:
    protobuf (1.3.0)
      eventmachine
      eventually
      ffi-rzmq
      json_pure

GEM
  remote: http://rubygems.org/
  specs:
    coderay (1.0.7)
    diff-lcs (1.1.3)
    eventmachine (1.0.0)
    eventually (0.1.1)
    ffi (1.1.5)
    ffi-rzmq (0.9.6)
      ffi
    json_pure (1.7.5)
    method_source (0.8)
    multi_json (1.3.6)
    pry (0.9.10)
      coderay (~> 1.0.5)
      method_source (~> 0.8)
      slop (~> 3.3.1)
    pry-nav (0.2.2)
      pry (~> 0.9.10)
    rake (0.9.2.2)
    rspec (2.11.0)
      rspec-core (~> 2.11.0)
      rspec-expectations (~> 2.11.0)
      rspec-mocks (~> 2.11.0)
    rspec-core (2.11.1)
    rspec-expectations (2.11.3)
      diff-lcs (~> 1.1.3)
    rspec-mocks (2.11.2)
    simplecov (0.6.4)
      multi_json (~> 1.0)
      simplecov-html (~> 0.5.3)
    simplecov-html (0.5.3)
    slop (3.3.3)
    yard (0.8.2.1)

PLATFORMS
  ruby

DEPENDENCIES
  protobuf!
  pry
  pry-nav
  rake
  rspec
  simplecov
  yard
